PATH
  remote: .
  specs:
    cri (2.15.11)

GEM
  remote: https://rubygems.org/
  specs:
    ast (2.4.1)
    coveralls (0.8.23)
      json (>= 1.8, < 3)
      simplecov (~> 0.16.1)
      term-ansicolor (~> 1.3)
      thor (>= 0.19.4, < 2.0)
      tins (~> 1.6)
    docile (1.3.4)
    json (2.5.1)
    m (1.5.1)
      method_source (>= 0.6.7)
      rake (>= 0.9.2.2)
    method_source (1.0.0)
    minitest (5.14.2)
    parallel (1.20.1)
    parser (3.0.0.0)
      ast (~> 2.4.1)
    rainbow (3.0.0)
    rake (13.0.3)
    regexp_parser (2.0.3)
    rexml (3.2.4)
    rubocop (1.7.0)
      parallel (~> 1.10)
      parser (>= 2.7.1.5)
      rainbow (>= 2.2.2, < 4.0)
      regexp_parser (>= 1.8, < 3.0)
      rexml
      rubocop-ast (>= 1.2.0, < 2.0)
      ruby-progressbar (~> 1.7)
      unicode-display_width (>= 1.4.0, < 2.0)
    rubocop-ast (1.3.0)
      parser (>= 2.7.1.5)
    rubocop-minitest (0.10.2)
      rubocop (>= 0.87, < 2.0)
    rubocop-rake (0.5.1)
      rubocop
    ruby-progressbar (1.11.0)
    simplecov (0.16.1)
      docile (~> 1.1)
      json (>= 1.8, < 3)
      simplecov-html (~> 0.10.0)
    simplecov-html (0.10.2)
    sync (0.5.0)
    term-ansicolor (1.7.1)
      tins (~> 1.0)
    thor (1.0.1)
    tins (1.26.0)
      sync
    unicode-display_width (1.7.0)
    yard (0.9.26)

PLATFORMS
  x86_64-darwin-20

DEPENDENCIES
  coveralls
  cri!
  m (~> 1.5)
  minitest
  rake
  rubocop
  rubocop-minitest (~> 0.10.2)
  rubocop-rake (~> 0.5.1)
  yard

BUNDLED WITH
   2.2.3
