GEM
  remote: http://rubygems.org/
  specs:
    minitest (5.14.0)
    mocha (1.11.2)
    rake (13.0.1)
    rdoc (6.2.1)

PLATFORMS
  ruby

DEPENDENCIES
  minitest
  mocha
  rake
  rdoc

BUNDLED WITH
   2.1.4
